GIT
  remote: https://github.com/gstark/lita.git
  revision: 505e2e1df08b08d98e0aababc659071f2b900be2
  ref: pipelined
  specs:
    lita (5.0.0)
      bundler (~> 2.2)
      faraday (~> 1.6.0)
      http_router (~> 0.11.2)
      i18n (~> 1.8.10)
      ice_nine (~> 0.11.2)
      puma (~> 5.4.0)
      rack (~> 2.2.3)
      rb-readline (~> 0.5.5)
      redis-namespace (~> 1.8.1)
      thor (~> 1.1.0)

GIT
  remote: https://github.com/suncoast-devs/turbot-internet-points.git
  revision: 1f1f4bd02d5d957d56e4686152f1fc51800c5fe4
  specs:
    lita-turbot-internet-points (0.1.0)
      lita (>= 4.3)

GEM
  remote: https://rubygems.org/
  specs:
    artii (2.1.2)
    concurrent-ruby (1.1.10)
    dotenv (2.7.6)
    eventmachine (1.2.7)
    faraday (1.6.0)
      faraday-em_http (~> 1.0)
      faraday-em_synchrony (~> 1.0)
      faraday-excon (~> 1.1)
      faraday-httpclient (~> 1.0.1)
      faraday-net_http (~> 1.0)
      faraday-net_http_persistent (~> 1.1)
      faraday-patron (~> 1.0)
      faraday-rack (~> 1.0)
      multipart-post (>= 1.2, < 3)
      ruby2_keywords (>= 0.0.4)
    faraday-em_http (1.0.0)
    faraday-em_synchrony (1.0.0)
    faraday-excon (1.1.0)
    faraday-httpclient (1.0.1)
    faraday-net_http (1.0.1)
    faraday-net_http_persistent (1.2.0)
    faraday-patron (1.0.0)
    faraday-rack (1.0.0)
    faye-websocket (0.11.1)
      eventmachine (>= 0.12.0)
      websocket-driver (>= 0.5.1)
    http_router (0.11.2)
      rack (>= 1.0.0)
      url_mount (~> 0.2.1)
    i18n (1.8.11)
      concurrent-ruby (~> 1.0)
    ice_nine (0.11.2)
    lita-ascii-art (0.1.0)
      artii (>= 2.0.4)
      lita (>= 4.0.0)
    lita-catgif (0.0.2)
      lita (>= 2.6)
    lita-excuses (0.0.6)
      lita (>= 2.2)
      nokogiri
    lita-google (1.1.0)
      lita (>= 4.0)
    lita-shipit (0.2.0)
      lita (>= 4.0)
    lita-slack (1.8.0)
      eventmachine
      faraday
      faye-websocket (>= 0.8.0)
      lita (>= 4.7.1)
      multi_json
    lita-xkcd (0.0.6)
      lita (>= 2.2)
    mini_portile2 (2.8.0)
    multi_json (1.15.0)
    multipart-post (2.2.3)
    nio4r (2.5.8)
    nokogiri (1.13.6)
      mini_portile2 (~> 2.8.0)
      racc (~> 1.4)
    puma (5.4.0)
      nio4r (~> 2.0)
    racc (1.6.0)
    rack (2.2.3.1)
    rb-readline (0.5.5)
    redis (4.6.0)
    redis-namespace (1.8.2)
      redis (>= 3.0.4)
    ruby2_keywords (0.0.5)
    thor (1.1.0)
    url_mount (0.2.1)
      rack
    websocket-driver (0.7.5)
      websocket-extensions (>= 0.1.0)
    websocket-extensions (0.1.5)

PLATFORMS
  ruby

DEPENDENCIES
  dotenv
  lita!
  lita-ascii-art
  lita-catgif
  lita-excuses
  lita-google
  lita-shipit
  lita-slack
  lita-turbot-internet-points!
  lita-xkcd

RUBY VERSION
   ruby 3.1.2p20

BUNDLED WITH
   2.3.15
